GIT
  remote: git://github.com/codenoble/google-syncinator-api-client.git
  revision: 4ac37029230370a720c27b0c2215e161cdaae3a4
  specs:
    google_syncinator_api_client (0.1.0)
      api-auth (~> 1.0)
      weary (~> 1.0)

GEM
  remote: https://rubygems.org/
  specs:
    actionmailer (4.1.7.1)
      actionpack (= 4.1.7.1)
      actionview (= 4.1.7.1)
      mail (~> 2.5, >= 2.5.4)
    actionpack (4.1.7.1)
      actionview (= 4.1.7.1)
      activesupport (= 4.1.7.1)
      rack (~> 1.5.2)
      rack-test (~> 0.6.2)
    actionview (4.1.7.1)
      activesupport (= 4.1.7.1)
      builder (~> 3.1)
      erubis (~> 2.7.0)
    activemodel (4.1.7.1)
      activesupport (= 4.1.7.1)
      builder (~> 3.1)
    activerecord (4.1.7.1)
      activemodel (= 4.1.7.1)
      activesupport (= 4.1.7.1)
      arel (~> 5.0.0)
    activesupport (4.1.7.1)
      i18n (~> 0.6, >= 0.6.9)
      json (~> 1.7, >= 1.7.7)
      minitest (~> 5.1)
      thread_safe (~> 0.1)
      tzinfo (~> 1.1)
    addressable (2.3.8)
    api-auth (1.3.2)
    arel (5.0.1.20140414130214)
    axiom-types (0.1.1)
      descendants_tracker (~> 0.0.4)
      ice_nine (~> 0.11.0)
      thread_safe (~> 0.3, >= 0.3.1)
    better_errors (2.0.0)
      coderay (>= 1.0.0)
      erubis (>= 2.6.6)
      rack (>= 0.9.0)
    binding_of_caller (0.7.2)
      debug_inspector (>= 0.0.1)
    biola_deploy (0.7.1)
    biola_frontend_toolkit (0.3.1)
      bootstrap-sass (~> 3.1)
      coffee-rails (~> 4.0)
      font-awesome-rails (~> 4.2)
      slim (~> 2.0)
    biola_logs (0.1.0)
      lograge (~> 0.3)
    blazing (0.4.2)
      activesupport
      grit
      i18n
      logging (~> 1.8)
      thor
    bootstrap-sass (3.2.0.0)
      sass (~> 3.2)
    bson (3.2.4)
    builder (3.2.2)
    capybara (2.4.1)
      mime-types (>= 1.16)
      nokogiri (>= 1.3.3)
      rack (>= 1.0.0)
      rack-test (>= 0.5.4)
      xpath (~> 2.0)
    celluloid (0.17.1.2)
      bundler
      celluloid-essentials
      celluloid-extras
      celluloid-fsm
      celluloid-pool
      celluloid-supervision
      dotenv
      nenv
      rspec-logsplit (>= 0.1.2)
      timers (>= 4.1.1)
    celluloid-essentials (0.20.2.1)
      bundler
      dotenv
      nenv
      rspec-logsplit (>= 0.1.2)
      timers (>= 4.1.1)
    celluloid-extras (0.20.1)
      bundler
      dotenv
      nenv
      rspec-logsplit (>= 0.1.2)
      timers (>= 4.1.1)
    celluloid-fsm (0.20.1)
      bundler
      dotenv
      nenv
      rspec-logsplit (>= 0.1.2)
      timers (>= 4.1.1)
    celluloid-pool (0.20.1)
      bundler
      dotenv
      nenv
      rspec-logsplit (>= 0.1.2)
      timers (>= 4.1.1)
    celluloid-supervision (0.20.1.1)
      bundler
      dotenv
      nenv
      rspec-logsplit (>= 0.1.2)
      timers (>= 4.1.1)
    chronic (0.10.2)
    chronic_ping (0.4.0)
      chronic
      jquery-rails
      rails (> 3.1)
    coderay (1.1.0)
    coercible (1.0.0)
      descendants_tracker (~> 0.0.1)
    coffee-rails (4.0.1)
      coffee-script (>= 2.2.0)
      railties (>= 4.0.0, < 5.0)
    coffee-script (2.3.0)
      coffee-script-source
      execjs
    coffee-script-source (1.8.0)
    connection_pool (2.2.0)
    debug_inspector (0.0.2)
    descendants_tracker (0.0.4)
      thread_safe (~> 0.3, >= 0.3.1)
    diff-lcs (1.2.5)
    disposable (0.1.9)
      representable (>= 2.2.3, <= 2.3.0)
      uber
    dotenv (2.0.2)
    easy_diff (0.0.6)
    email_validator (1.6.0)
      activemodel
    equalizer (0.0.11)
    erubis (2.7.0)
    execjs (2.2.1)
    factory_girl (4.4.0)
      activesupport (>= 3.0.0)
    factory_girl_rails (4.4.1)
      factory_girl (~> 4.4.0)
      railties (>= 3.0.0)
    faker (1.4.3)
      i18n (~> 0.5)
    faraday (0.9.1)
      multipart-post (>= 1.2, < 3)
    font-awesome-rails (4.4.0.0)
      railties (>= 3.2, < 5.0)
    grit (2.0.0)
      diff-lcs (>= 1.1.2)
      mime-types (>= 1.15)
    hike (1.2.3)
    hitimes (1.2.3)
    i18n (0.7.0)
    ice_nine (0.11.1)
    jquery-rails (3.1.3)
      railties (>= 3.0, < 5.0)
      thor (>= 0.14, < 2.0)
    jquery-ui-rails (5.0.5)
      railties (>= 3.2.16)
    json (1.8.3)
    kaminari (0.16.1)
      actionpack (>= 3.0.0)
      activesupport (>= 3.0.0)
    kaminari-bootstrap (3.0.1)
      kaminari (>= 0.13.0)
      rails
    launchy (2.4.3)
      addressable (~> 2.3)
    libv8 (3.16.14.7)
    little-plugger (1.1.3)
    logging (1.8.2)
      little-plugger (>= 1.1.3)
      multi_json (>= 1.8.4)
    lograge (0.3.0)
      actionpack (>= 3)
      activesupport (>= 3)
      railties (>= 3)
    mail (2.6.3)
      mime-types (>= 1.16, < 3)
    method_source (0.8.2)
    mime-types (2.4.3)
    mini_portile (0.6.0)
    minitest (5.8.0)
    mongoid (4.0.2)
      activemodel (~> 4.0)
      moped (~> 2.0.0)
      origin (~> 2.1)
      tzinfo (>= 0.3.37)
    mongoid-history (0.4.4)
      activesupport
      easy_diff
      mongoid (>= 3.0)
    mongoid_userstamp (0.4.0)
      mongoid (>= 3.0.4)
    moped (2.0.7)
      bson (~> 3.0)
      connection_pool (~> 2.0)
      optionable (~> 0.2.0)
    multi_json (1.11.2)
    multipart-post (2.0.0)
    nenv (0.2.0)
    newrelic_rpm (3.9.5.251)
    nokogiri (1.6.3.1)
      mini_portile (= 0.6.0)
    optionable (0.2.0)
    origin (2.1.1)
    pinglish (0.2.0)
      rack
    promise (0.3.1)
    pry (0.10.1)
      coderay (~> 1.1.0)
      method_source (~> 0.8.1)
      slop (~> 3.4)
    puma (2.13.4)
    rack (1.5.5)
    rack-accept (0.4.5)
      rack (>= 0.4)
    rack-cas (0.11.0)
      addressable (~> 2.3)
      nokogiri (~> 1.5)
      rack (~> 1.3)
    rack-protection (1.5.3)
      rack
    rack-ssl (1.4.1)
      rack
    rack-test (0.6.3)
      rack (>= 1.0)
    rails (4.1.7.1)
      actionmailer (= 4.1.7.1)
      actionpack (= 4.1.7.1)
      actionview (= 4.1.7.1)
      activemodel (= 4.1.7.1)
      activerecord (= 4.1.7.1)
      activesupport (= 4.1.7.1)
      bundler (>= 1.3.0, < 2.0)
      railties (= 4.1.7.1)
      sprockets-rails (~> 2.0)
    rails_config (0.4.2)
      activesupport (>= 3.0)
    railties (4.1.7.1)
      actionpack (= 4.1.7.1)
      activesupport (= 4.1.7.1)
      rake (>= 0.8.7)
      thor (>= 0.18.1, < 2.0)
    rake (10.4.2)
    redis (3.2.1)
    redis-namespace (1.5.2)
      redis (~> 3.0, >= 3.0.4)
    ref (1.0.5)
    reform (2.0.3)
      disposable (~> 0.1.9)
      uber (~> 0.0.11)
    representable (2.3.0)
      uber (~> 0.0.7)
    request_store (1.2.0)
    rspec-core (3.0.3)
      rspec-support (~> 3.0.0)
    rspec-expectations (3.0.3)
      diff-lcs (>= 1.2.0, < 2.0)
      rspec-support (~> 3.0.0)
    rspec-logsplit (0.1.3)
    rspec-mocks (3.0.3)
      rspec-support (~> 3.0.0)
    rspec-rails (3.0.2)
      actionpack (>= 3.0)
      activesupport (>= 3.0)
      railties (>= 3.0)
      rspec-core (~> 3.0.0)
      rspec-expectations (~> 3.0.0)
      rspec-mocks (~> 3.0.0)
      rspec-support (~> 3.0.0)
    rspec-support (3.0.3)
    rufus-scheduler (3.1.5)
    sass (3.2.19)
    sass-rails (4.0.4)
      railties (>= 4.0.0, < 5.0)
      sass (~> 3.2.2)
      sprockets (~> 2.8, < 2.12)
      sprockets-rails (~> 2.0)
    sentry-raven (0.13.3)
      faraday (>= 0.7.6)
    sidekiq (3.5.0)
      celluloid (~> 0.17.0)
      connection_pool (~> 2.2, >= 2.2.0)
      json (~> 1.0)
      redis (~> 3.2, >= 3.2.1)
      redis-namespace (~> 1.5, >= 1.5.2)
    sidekiq-cron (0.3.1)
      rufus-scheduler (>= 2.0.24)
      sidekiq (>= 2.17.3)
    simple_oauth (0.3.1)
    sinatra (1.4.6)
      rack (~> 1.4)
      rack-protection (~> 1.4)
      tilt (>= 1.3, < 3)
    slim (2.0.3)
      temple (~> 0.6.6)
      tilt (>= 1.3.3, < 2.1)
    slop (3.6.0)
    spring (1.1.3)
    sprockets (2.11.3)
      hike (~> 1.2)
      multi_json (~> 1.0)
      rack (~> 1.0)
      tilt (~> 1.1, != 1.3.0)
    sprockets-rails (2.2.1)
      actionpack (>= 3.0)
      activesupport (>= 3.0)
      sprockets (>= 2.8, < 4.0)
    temple (0.6.8)
    therubyracer (0.12.1)
      libv8 (~> 3.16.14.0)
      ref
    thor (0.19.1)
    thread_safe (0.3.5)
    tilt (1.4.1)
    timers (4.1.1)
      hitimes
    trogdir_models (0.15.0)
      api-auth (~> 1.0)
      email_validator (~> 1.4)
      mongoid (~> 4.0)
      mongoid-history (~> 0.4, <= 0.4.4)
      mongoid_userstamp (~> 0.4)
      request_store (~> 1.1)
    turnout (2.0.1)
      rack (~> 1.3)
      rack-accept (~> 0.4)
    tzinfo (1.2.2)
      thread_safe (~> 0.1)
    uber (0.0.14)
    uglifier (2.5.3)
      execjs (>= 0.3.0)
      json (>= 1.8.0)
    virtus (1.0.5)
      axiom-types (~> 0.1)
      coercible (~> 1.0)
      descendants_tracker (~> 0.0, >= 0.0.3)
      equalizer (~> 0.0, >= 0.0.9)
    weary (1.1.3)
      addressable (~> 2.3)
      multi_json (~> 1.7)
      promise (~> 0.3.0)
      rack (~> 1.5)
      simple_oauth (~> 0.2)
    xpath (2.0.0)
      nokogiri (~> 1.3)

PLATFORMS
  ruby

DEPENDENCIES
  better_errors
  binding_of_caller
  biola_deploy
  biola_frontend_toolkit (>= 0.3.1)
  biola_logs
  blazing
  capybara
  chronic_ping
  coffee-rails (~> 4.0.0)
  factory_girl_rails
  faker
  google_syncinator_api_client!
  jquery-rails (~> 3.1.3)
  jquery-ui-rails
  kaminari-bootstrap
  launchy
  newrelic_rpm
  pinglish
  pry
  puma
  rack-cas
  rack-ssl
  rails (= 4.1.7.1)
  rails_config
  reform
  rspec-rails
  sass-rails (~> 4.0.4)
  sentry-raven
  sidekiq
  sidekiq-cron
  sinatra
  spring
  therubyracer
  trogdir_models
  turnout
  uglifier (>= 1.3.0)
  virtus

BUNDLED WITH
   1.10.6
